GEM
  remote: https://rubygems.org/
  specs:
    domain_name (0.5.20160216)
      unf (>= 0.0.5, < 1.0.0)
    faraday (0.9.2)
      multipart-post (>= 1.2, < 3)
    faraday_middleware (0.9.2)
      faraday (>= 0.7.4, < 0.10)
    groupme (0.0.7)
      faraday (~> 0.9.0)
      faraday_middleware (~> 0.9.0)
      hashie (~> 3.0)
      multi_json (~> 1.3)
      simple_oauth (~> 0.2)
    hashie (3.4.3)
    http-cookie (1.0.2)
      domain_name (~> 0.5)
    mime-types (2.99.1)
    multi_json (1.11.2)
    multipart-post (2.0.0)
    netrc (0.11.0)
    rack (1.6.4)
    rack-protection (1.5.3)
      rack
    rest-client (1.8.0)
      http-cookie (>= 1.0.2, < 2.0)
      mime-types (>= 1.16, < 3.0)
      netrc (~> 0.7)
    simple_oauth (0.3.1)
    sinatra (1.4.7)
      rack (~> 1.5)
      rack-protection (~> 1.4)
      tilt (>= 1.3, < 3)
    tilt (2.0.2)
    unf (0.1.4)
      unf_ext
    unf_ext (0.0.7.2)

PLATFORMS
  ruby

DEPENDENCIES
  groupme
  rest-client
  sinatra

BUNDLED WITH
   1.11.2
